GEM
  remote: https://rubygems.org/
  specs:
    coderay (1.1.1)
    i18n (0.8.4)
    method_source (0.8.2)
    minitest (5.9.0)
    money (6.9.0)
      i18n (>= 0.6.4, < 0.9)
    pry (0.10.3)
      coderay (~> 1.1.0)
      method_source (~> 0.8.1)
      slop (~> 3.4)
    rack (1.6.4)
    rack-protection (1.5.3)
      rack
    rack-test (0.6.3)
      rack (>= 1.0)
    rake (10.4.2)
    sinatra (1.4.8)
      rack (~> 1.5)
      rack-protection (~> 1.4)
      tilt (>= 1.3, < 3)
    slop (3.6.0)
    tilt (2.0.7)

PLATFORMS
  ruby

DEPENDENCIES
  minitest
  money
  pry
  rack-test
  rake
  sinatra

RUBY VERSION
   ruby 2.3.1p112

BUNDLED WITH
   1.15.1
